PATH
  remote: .
  specs:
    rggrewco_palindrome (0.1.0)

GEM
  remote: https://rubygems.org/
  specs:
    ansi (1.5.0)
    builder (3.2.4)
    minitest (5.14.3)
    minitest-reporters (1.2.0)
      ansi
      builder
      minitest (>= 5.0)
      ruby-progressbar
    rake (13.0.0)
    ruby-progressbar (1.11.0)

PLATFORMS
  ruby
  x86_64-darwin-19

DEPENDENCIES
  minitest (~> 5.0)
  minitest-reporters (= 1.2.0)
  rake (= 13.0)
  rggrewco_palindrome!

BUNDLED WITH
   2.2.0
